PATH
  remote: .
  specs:
    hermann (0.26.1.dev)
      json (~> 1.8.2)
      mini_portile (~> 0.6.0)
      thread_safe (~> 0.3.4)

GEM
  remote: https://rubygems.org/
  specs:
    activesupport (3.2.22.5)
      i18n (~> 0.6, >= 0.6.4)
      multi_json (~> 1.0)
    builder (3.2.3)
    ci_reporter (2.0.0)
      builder (>= 2.1.2)
    ci_reporter_rspec (1.0.0)
      ci_reporter (~> 2.0)
      rspec (>= 2.14, < 4)
    coderay (1.1.2)
    diff-lcs (1.3)
    docile (1.3.2)
    i18n (0.6.11)
    json (1.8.6)
    method_source (0.9.2)
    middleware (0.1.0)
    mini_portile (0.6.2)
    multi_json (1.13.1)
    protobuffy (4.0.1)
      activesupport (>= 3.2)
      middleware
      thor
      thread_safe
    pry (0.12.2)
      coderay (~> 1.1.0)
      method_source (~> 0.9.0)
    rake (11.3.0)
    rake-compiler (1.0.7)
      rake
    rspec (3.0.0)
      rspec-core (~> 3.0.0)
      rspec-expectations (~> 3.0.0)
      rspec-mocks (~> 3.0.0)
    rspec-core (3.0.4)
      rspec-support (~> 3.0.0)
    rspec-expectations (3.0.4)
      diff-lcs (>= 1.2.0, < 2.0)
      rspec-support (~> 3.0.0)
    rspec-its (1.3.0)
      rspec-core (>= 3.0.0)
      rspec-expectations (>= 3.0.0)
    rspec-mocks (3.0.4)
      rspec-support (~> 3.0.0)
    rspec-support (3.0.4)
    simplecov (0.17.0)
      docile (~> 1.1)
      json (>= 1.8, < 3)
      simplecov-html (~> 0.10.0)
    simplecov-html (0.10.2)
    simplecov-rcov (0.2.3)
      simplecov (>= 0.4.1)
    system_timer (1.2.4)
    thor (0.20.3)
    thread_safe (0.3.6)
    zk (1.9.6)
      zookeeper (~> 1.4.0)
    zookeeper (1.4.11)

PLATFORMS
  ruby

DEPENDENCIES
  activesupport (~> 3.x)
  ci_reporter_rspec
  hermann!
  i18n (~> 0.6.11)
  jar-dependencies
  jbundler
  protobuffy
  pry
  rake (~> 11.3.0)
  rake-compiler
  rspec (~> 3.0.0)
  rspec-its
  ruby-maven (~> 3.1.1.0)
  simplecov
  simplecov-rcov
  system_timer
  zk (~> 1.9.4)

BUNDLED WITH
   1.17.3
